PATH
  remote: .
  specs:
    google_cloud_messaging (0.0.2)

GEM
  remote: https://rubygems.org/
  specs:
    ethon (0.7.3)
      ffi (>= 1.3.0)
    ffi (1.9.8)
    rake (10.1.0)
    typhoeus (0.7.1)
      ethon (>= 0.7.1)

PLATFORMS
  ruby

DEPENDENCIES
  bundler (~> 1.6)
  google_cloud_messaging!
  rake
  typhoeus (>= 0.7.1)
